GEM
  remote: https://rubygems.org/
  specs:
    activesupport (7.0.3.1)
      concurrent-ruby (~> 1.0, >= 1.0.2)
      i18n (>= 1.6, < 2)
      minitest (>= 5.1)
      tzinfo (~> 2.0)
    concurrent-ruby (1.1.10)
    feedparser (2.2.0)
      logutils (>= 0.6.1)
      textutils (>= 1.0.0)
    i18n (1.12.0)
      concurrent-ruby (~> 1.0)
    iniparser (1.0.1)
    logutils (0.6.1)
    minitest (5.16.2)
    props (1.2.0)
      iniparser (>= 0.1.0)
    rubyzip (2.3.2)
    textutils (1.4.0)
      activesupport
      logutils (>= 0.6.1)
      props (>= 1.1.2)
      rubyzip (>= 1.0.0)
    tzinfo (2.0.5)
      concurrent-ruby (~> 1.0)

PLATFORMS
  ruby

DEPENDENCIES
  feedparser

BUNDLED WITH
   2.1.4
