GEM
  remote: https://rubygems.org/
  specs:
    activesupport (7.1.3.2)
      base64
      bigdecimal
      concurrent-ruby (~> 1.0, >= 1.0.2)
      connection_pool (>= 2.2.5)
      drb
      i18n (>= 1.6, < 2)
      minitest (>= 5.1)
      mutex_m
      tzinfo (~> 2.0)
    base64 (0.2.0)
    bigdecimal (3.1.7)
    concurrent-ruby (1.2.3)
    connection_pool (2.4.1)
    drb (2.2.1)
    feedparser (2.2.0)
      logutils (>= 0.6.1)
      textutils (>= 1.0.0)
    i18n (1.14.4)
      concurrent-ruby (~> 1.0)
    iniparser (1.0.1)
    logutils (0.6.1)
    minitest (5.22.3)
    mutex_m (0.2.0)
    props (1.2.0)
      iniparser (>= 0.1.0)
    rexml (3.4.1)
    rss (0.3.1)
      rexml
    rubyzip (2.3.2)
    textutils (1.4.0)
      activesupport
      logutils (>= 0.6.1)
      props (>= 1.1.2)
      rubyzip (>= 1.0.0)
    tzinfo (2.0.6)
      concurrent-ruby (~> 1.0)

PLATFORMS
  ruby

DEPENDENCIES
  feedparser
  rss

BUNDLED WITH
   2.1.4
